GEM
  remote: http://rubygems.org/
  specs:
    diff-lcs (1.1.2)
    flexmock (0.8.11)
    json (1.5.1)
    metaid (1.0)
    rdoc (2.4.3)
    rspec (2.3.0)
      rspec-core (~> 2.3.0)
      rspec-expectations (~> 2.3.0)
      rspec-mocks (~> 2.3.0)
    rspec-core (2.3.1)
    rspec-expectations (2.3.0)
      diff-lcs (~> 1.1.2)
    rspec-mocks (2.3.0)
    sdoc (0.2.20)
      json (>= 1.1.3)
      rdoc (= 2.4.3)

PLATFORMS
  ruby

DEPENDENCIES
  flexmock
  metaid
  rspec (~> 2.0)
  sdoc
